GEM
  remote: http://rubygems.org/
  specs:
    certified (0.1.1)

PLATFORMS
  ruby

DEPENDENCIES
  certified
